PATH
  remote: .
  specs:
    unused_css (0.1.0)
      css_parser

GEM
  remote: https://rubygems.org/
  specs:
    addressable (2.3.5)
    builder (3.2.2)
    childprocess (0.5.1)
      ffi (~> 1.0, >= 1.0.11)
    css_parser (1.3.5)
      addressable
    cucumber (1.3.10)
      builder (>= 2.1.2)
      diff-lcs (>= 1.1.3)
      gherkin (~> 2.12)
      multi_json (>= 1.7.5, < 2.0)
      multi_test (>= 0.0.2)
    daemons (1.1.9)
    diff-lcs (1.2.5)
    eventmachine (1.0.3)
    ffi (1.9.3)
    gherkin (2.12.2)
      multi_json (~> 1.3)
    multi_json (1.8.4)
    multi_test (0.0.3)
    rack (1.5.2)
    rack-protection (1.5.2)
      rack
    rake (10.1.0)
    rubyzip (1.1.0)
    selenium-webdriver (2.39.0)
      childprocess (>= 0.2.5)
      multi_json (~> 1.0)
      rubyzip (~> 1.0)
      websocket (~> 1.0.4)
    sinatra (1.4.4)
      rack (~> 1.4)
      rack-protection (~> 1.4)
      tilt (~> 1.3, >= 1.3.4)
    thin (1.6.1)
      daemons (>= 1.0.9)
      eventmachine (>= 1.0.0)
      rack (>= 1.0.0)
    tilt (1.4.1)
    watir-webdriver (0.6.7)
      selenium-webdriver (>= 2.18.0)
    websocket (1.0.7)

PLATFORMS
  ruby

DEPENDENCIES
  bundler (~> 1.3)
  cucumber
  rake
  sinatra
  thin
  unused_css!
  watir-webdriver
